GEM
  remote: https://rubygems.org/
  specs:
    activemodel (4.1.1)
      activesupport (= 4.1.1)
      builder (~> 3.1)
    activesupport (4.1.1)
      i18n (~> 0.6, >= 0.6.9)
      json (~> 1.7, >= 1.7.7)
      minitest (~> 5.1)
      thread_safe (~> 0.1)
      tzinfo (~> 1.1)
    bcrypt (3.1.7)
    bcrypt (3.1.7-x86-mingw32)
    builder (3.2.2)
    carrierwave (0.6.2)
      activemodel (>= 3.2.0)
      activesupport (>= 3.2.0)
    carrierwave-sequel (0.1.0)
      carrierwave
      sequel
    daemons (1.1.9)
    erubis (2.7.0)
    eventmachine (1.0.3)
    eventmachine (1.0.3-x86-mingw32)
    http_router (0.11.1)
      rack (>= 1.0.0)
      url_mount (~> 0.2.1)
    i18n (0.6.9)
    json (1.8.1)
    mail (2.5.4)
      mime-types (~> 1.16)
      treetop (~> 1.4.8)
    mime-types (1.25.1)
    mini_magick (3.3)
      subexec (~> 0.1.0)
    minitest (5.3.3)
    moneta (0.7.20)
    padrino (0.12.1)
      padrino-admin (= 0.12.1)
      padrino-cache (= 0.12.1)
      padrino-core (= 0.12.1)
      padrino-gen (= 0.12.1)
      padrino-helpers (= 0.12.1)
      padrino-mailer (= 0.12.1)
      padrino-support (= 0.12.1)
    padrino-admin (0.12.1)
      padrino-core (= 0.12.1)
      padrino-helpers (= 0.12.1)
    padrino-cache (0.12.1)
      moneta (~> 0.7.0)
      padrino-core (= 0.12.1)
      padrino-helpers (= 0.12.1)
    padrino-core (0.12.1)
      activesupport (>= 3.1)
      http_router (~> 0.11.0)
      padrino-support (= 0.12.1)
      rack-protection (>= 1.5.0)
      sinatra (~> 1.4.2)
      thor (~> 0.18.0)
    padrino-gen (0.12.1)
      bundler (~> 1.0)
      padrino-core (= 0.12.1)
    padrino-helpers (0.12.1)
      i18n (~> 0.6, >= 0.6.7)
      padrino-support (= 0.12.1)
      tilt (~> 1.4.1)
    padrino-mailer (0.12.1)
      mail (~> 2.5.3)
      padrino-core (= 0.12.1)
    padrino-support (0.12.1)
      activesupport (>= 3.1)
    pg (0.17.1)
    pg (0.17.1-x86-mingw32)
    polyglot (0.3.4)
    rack (1.5.2)
    rack-protection (1.5.3)
      rack
    rack-test (0.6.2)
      rack (>= 1.0)
    rake (10.3.1)
    sequel (4.10.0)
    sinatra (1.4.5)
      rack (~> 1.4)
      rack-protection (~> 1.4)
      tilt (~> 1.3, >= 1.3.4)
    subexec (0.1.0)
    thin (1.6.2)
      daemons (>= 1.0.9)
      eventmachine (>= 1.0.0)
      rack (>= 1.0.0)
    thor (0.18.1)
    thread_safe (0.3.3)
    tilt (1.4.1)
    treetop (1.4.15)
      polyglot
      polyglot (>= 0.3.1)
    tzinfo (1.1.0)
      thread_safe (~> 0.1)
    url_mount (0.2.1)
      rack

PLATFORMS
  x86-mingw32

DEPENDENCIES
  bcrypt
  carrierwave (= 0.6.2)
  carrierwave-sequel
  erubis (~> 2.7.0)
  mini_magick (= 3.3)
  minitest
  padrino (= 0.12.1)
  pg
  rack-test
  rake
  sequel
  thin
